GEM
  remote: https://rubygems.org/
  specs:
    activesupport (4.2.3)
      i18n (~> 0.7)
      json (~> 1.7, >= 1.7.7)
      minitest (~> 5.1)
      thread_safe (~> 0.3, >= 0.3.4)
      tzinfo (~> 1.1)
    consular (1.0.3)
      activesupport
      thor
    consular-iterm (1.0.2)
      consular
      rb-appscript
    i18n (0.7.0)
    json (1.8.3)
    minitest (5.7.0)
    rb-appscript (0.6.1)
    thor (0.19.1)
    thread_safe (0.3.5)
    tzinfo (1.2.2)
      thread_safe (~> 0.1)

PLATFORMS
  ruby

DEPENDENCIES
  consular
  consular-iterm

BUNDLED WITH
   1.10.5
