GIT
  remote: https://github.com/achiurizo/consular-iterm
  revision: 07f21c59840517d4e7065782541a1747890775f4
  specs:
    consular-iterm (1.0.4)
      consular
      rb-scpt

GEM
  remote: https://rubygems.org/
  specs:
    activesupport (7.0.4.2)
      concurrent-ruby (~> 1.0, >= 1.0.2)
      i18n (>= 1.6, < 2)
      minitest (>= 5.1)
      tzinfo (~> 2.0)
    concurrent-ruby (1.2.0)
    consular (1.0.3)
      activesupport
      thor
    i18n (1.12.0)
      concurrent-ruby (~> 1.0)
    minitest (5.17.0)
    rb-scpt (1.0.3)
    thor (0.19.1)
    tzinfo (2.0.6)
      concurrent-ruby (~> 1.0)

PLATFORMS
  ruby

DEPENDENCIES
  consular
  consular-iterm!

BUNDLED WITH
   2.2.32
