GIT
  remote: git://github.com/achiu/consular-iterm.git
  revision: 07f21c59840517d4e7065782541a1747890775f4
  specs:
    consular-iterm (1.0.4)
      consular
      rb-scpt

GEM
  remote: https://rubygems.org/
  specs:
    activesupport (4.2.3)
      i18n (~> 0.7)
      json (~> 1.7, >= 1.7.7)
      minitest (~> 5.1)
      thread_safe (~> 0.3, >= 0.3.4)
      tzinfo (~> 1.1)
    consular (1.0.3)
      activesupport
      thor
    i18n (0.7.0)
    json (1.8.6)
    minitest (5.7.0)
    rb-scpt (1.0.3)
    thor (0.19.1)
    thread_safe (0.3.5)
    tzinfo (1.2.2)
      thread_safe (~> 0.1)

PLATFORMS
  ruby

DEPENDENCIES
  consular
  consular-iterm!

BUNDLED WITH
   1.16.2
